GEM
  remote: https://rubygems.org/
  specs:
    airbrussh (1.3.0)
      sshkit (>= 1.6.1, != 1.7.0)
    backports (2.8.2)
    bcrypt (3.1.11)
    bson (4.2.2)
    bson_ext (1.5.1)
    capistrano (3.9.0)
      airbrussh (>= 1.0.0)
      i18n
      rake (>= 10.0.0)
      sshkit (>= 1.9.0)
    capistrano-bundler (1.2.0)
      capistrano (~> 3.1)
      sshkit (~> 1.2)
    capistrano-rvm (0.1.2)
      capistrano (~> 3.0)
      sshkit (~> 1.2)
    capistrano3-puma (3.1.1)
      capistrano (~> 3.7)
      capistrano-bundler
      puma (~> 3.4)
    concurrent-ruby (1.1.6)
    et-orbi (1.2.3)
      tzinfo
    faraday (1.0.0)
      multipart-post (>= 1.2, < 3)
    finagle-thrift (1.4.1)
    fugit (1.3.3)
      et-orbi (~> 1.1, >= 1.1.8)
      raabro (~> 1.1)
    haml (5.0.2)
      temple (>= 0.8.0)
      tilt
    i18n (0.8.6)
    json (2.1.0)
    mongo (2.4.3)
      bson (>= 4.2.1, < 5.0.0)
    multi_json (1.14.1)
    multipart-post (2.1.1)
    mustermann (1.0.2)
    net-scp (1.2.1)
      net-ssh (>= 2.6.5)
    net-ssh (4.1.0)
    prometheus-client (0.7.1)
      quantile (~> 0.2.0)
    puma (3.10.0)
    quantile (0.2.1)
    raabro (1.1.6)
    rack (2.0.5)
    rack-protection (2.0.2)
      rack
    rake (12.0.0)
    rufus-scheduler (3.6.0)
      fugit (~> 1.1, >= 1.1.6)
    scribe (0.2.4)
      rake
      thrift_client (~> 0.6)
    sinatra (2.0.2)
      mustermann (~> 1.0)
      rack (~> 2.0)
      rack-protection (= 2.0.2)
      tilt (~> 2.0)
    sinatra-contrib (2.0.2)
      backports (~> 2.8.2)
      multi_json
      mustermann (~> 1.0)
      rack-protection (= 2.0.2)
      sinatra (= 2.0.2)
      tilt (>= 1.3, < 3)
    sshkit (1.14.0)
      net-scp (>= 1.1.2)
      net-ssh (>= 2.8.0)
    temple (0.8.0)
    thrift (0.11.0.0)
    thrift_client (0.11.0)
      thrift (~> 0.11.0)
    tilt (2.0.8)
    tzinfo (2.0.1)
      concurrent-ruby (~> 1.0)
    tzinfo-data (1.2019.3)
      tzinfo (>= 1.0.0)
    zipkin-tracer (0.4.0)
      finagle-thrift (~> 1.4.1)
      rack
      scribe (~> 0.2.4)

PLATFORMS
  ruby

DEPENDENCIES
  bcrypt
  bson_ext
  capistrano
  capistrano-bundler
  capistrano-rvm
  capistrano3-puma
  faraday
  haml
  json
  mongo
  prometheus-client (~> 0.7.1)
  puma
  rack
  rufus-scheduler
  sinatra (~> 2.0.2)
  sinatra-contrib
  tzinfo-data
  zipkin-tracer

BUNDLED WITH
   2.1.4
